PATH
  remote: ../boltz_works
  specs:
    boltz_works (0.1.0)
      erubis (~> 2.7)

GEM
  remote: https://rubygems.org/
  specs:
    erubis (2.7.0)
    rack (1.6.5)

PLATFORMS
  ruby

DEPENDENCIES
  boltz_works!
  rack (~> 1.6)

BUNDLED WITH
   1.13.7
